GEM
  remote: https://rubygems.org/
  specs:
<<<<<<< HEAD
    classifier (1.3.3)
      fast-stemmer (>= 1.0.0)
    coderay (1.0.9)
    colorator (0.1)
    commander (4.1.4)
      highline (~> 1.6.11)
    directory_watcher (1.4.1)
    fast-stemmer (1.0.2)
    highline (1.6.19)
    jekyll (1.1.2)
      classifier (~> 1.3)
      colorator (~> 0.1)
      commander (~> 4.1.3)
      directory_watcher (~> 1.4.1)
      kramdown (~> 1.0.2)
      liquid (~> 2.5.1)
      maruku (~> 0.5)
      pygments.rb (~> 0.5.0)
      redcarpet (~> 2.2.2)
      safe_yaml (~> 0.7.0)
    jekyll-minibundle (1.1.0)
    kramdown (1.0.2)
    liquid (2.5.1)
    maruku (0.6.1)
      syntax (>= 1.0.0)
    posix-spawn (0.3.6)
    pygments.rb (0.5.2)
      posix-spawn (~> 0.3.6)
      yajl-ruby (~> 1.3.1)
    rake (10.1.0)
    redcarpet (2.2.2)
    safe_yaml (0.7.1)
    syntax (1.0.0)
    yajl-ruby (1.1.0)
=======
    addressable (2.7.0)
      public_suffix (>= 2.0.2, < 5.0)
    coderay (1.0.9)
    colorator (1.1.0)
    ffi (1.13.1)
    forwardable-extended (2.6.0)
    jekyll (3.6.3)
      addressable (~> 2.4)
      colorator (~> 1.0)
      jekyll-sass-converter (~> 1.0)
      jekyll-watch (~> 1.1)
      kramdown (~> 1.14)
      liquid (~> 4.0)
      mercenary (~> 0.3.3)
      pathutil (~> 0.9)
      rouge (>= 1.7, < 3)
      safe_yaml (~> 1.0)
    jekyll-minibundle (1.1.0)
>>>>>>> e0b1167a5f449f81c0c6e8bd890c0a9976fb3696

PLATFORMS
  ruby

DEPENDENCIES
  coderay
  jekyll
  jekyll-minibundle
  rake
